GEM
  remote: https://rubygems.org/
  specs:
    birch (0.0.9)
    domain_name (0.5.20160310)
      unf (>= 0.0.5, < 1.0.0)
    http-cookie (1.0.2)
      domain_name (~> 0.5)
    json (1.8.3)
    json_color (0.1.0)
      term-ansicolor
    mime-types (1.25.1)
    netrc (0.11.0)
    ngram (1.0.0)
    progressbar (0.21.0)
    rest-client (1.8.0)
      http-cookie (>= 1.0.2, < 2.0)
      mime-types (>= 1.16, < 3.0)
      netrc (~> 0.7)
    rubyzip (0.9.9)
    schiphol (1.0.1)
      progressbar (>= 0.10.0)
      rubyzip (~> 0.9.9)
    term-ansicolor (1.3.2)
      tins (~> 1.0)
    tins (1.9.0)
    treat (2.1.0)
      birch
      schiphol
      yomu
    unf (0.1.4)
      unf_ext
    unf_ext (0.0.7.2)
    yomu (0.2.4)
      json (~> 1.8)
      mime-types (~> 1.23)

PLATFORMS
  ruby

DEPENDENCIES
  json_color
  ngram
  rest-client
  treat

BUNDLED WITH
   1.11.2
